PATH
  remote: .
  specs:
    sidekiq-heroku-autoscale (0.1.0)
      platform-api (~> 3.3)
      sidekiq (>= 5.0)

GEM
  remote: https://rubygems.org/
  specs:
    ast (2.4.2)
    concurrent-ruby (1.2.0)
    connection_pool (2.3.0)
    erubis (2.7.0)
    excon (0.98.0)
    heroics (0.1.2)
      erubis (~> 2.0)
      excon
      moneta
      multi_json (>= 1.9.2)
      webrick
    json (2.6.3)
    minitest (5.17.0)
    mock_redis (0.36.0)
      ruby2_keywords
    moneta (1.0.0)
    multi_json (1.15.0)
    parallel (1.22.1)
    parser (3.2.0.0)
      ast (~> 2.4.1)
    platform-api (3.5.0)
      heroics (~> 0.1.1)
      moneta (~> 1.0.0)
      rate_throttle_client (~> 0.1.0)
    rack (3.0.4.1)
    rainbow (3.1.1)
    rake (12.3.3)
    rate_throttle_client (0.1.2)
    redis-client (0.12.1)
      connection_pool
    regexp_parser (2.6.2)
    rexml (3.2.5)
    rubocop (1.44.1)
      json (~> 2.3)
      parallel (~> 1.10)
      parser (>= 3.2.0.0)
      rainbow (>= 2.2.2, < 4.0)
      regexp_parser (>= 1.8, < 3.0)
      rexml (>= 3.2.5, < 4.0)
      rubocop-ast (>= 1.24.1, < 2.0)
      ruby-progressbar (~> 1.7)
      unicode-display_width (>= 2.4.0, < 3.0)
    rubocop-ast (1.24.1)
      parser (>= 3.1.1.0)
    rubocop-minitest (0.27.0)
      rubocop (>= 0.90, < 2.0)
    rubocop-performance (1.15.2)
      rubocop (>= 1.7.0, < 2.0)
      rubocop-ast (>= 0.4.0)
    rubocop-rake (0.6.0)
      rubocop (~> 1.0)
    ruby-progressbar (1.11.0)
    ruby2_keywords (0.0.5)
    sidekiq (7.0.3)
      concurrent-ruby (< 2)
      connection_pool (>= 2.3.0)
      rack (>= 2.2.4)
      redis-client (>= 0.11.0)
    unicode-display_width (2.4.2)
    webrick (1.8.1)

PLATFORMS
  arm64-darwin-21

DEPENDENCIES
  bundler (~> 2.0)
  minitest (~> 5.14)
  mock_redis (~> 0.28)
  rake (~> 12.0)
  rubocop (~> 1.18)
  rubocop-minitest (~> 0.13)
  rubocop-performance (~> 1.11)
  rubocop-rake (~> 0.6)
  sidekiq-heroku-autoscale!

BUNDLED WITH
   2.2.3
